GIT
  remote: git://github.com/sinatra/sinatra.git
  revision: 5ba52063fe2cd57ddfb544f89f3925d09d776d7b
  specs:
    rack-protection (2.1.0)
      rack
    sinatra (2.1.0)
      mustermann (~> 1.0)
      rack (~> 2.2)
      rack-protection (= 2.1.0)
      tilt (~> 2.0)

GEM
  remote: https://rubygems.org/
  specs:
    kramdown (2.1.0)
    liquid (4.0.3)
    mustermann (1.1.1)
      ruby2_keywords (~> 0.0.1)
    nio4r (2.5.2)
    puma (4.3.5)
      nio4r (~> 2.0)
    rack (2.2.3)
    ruby2_keywords (0.0.2)
    tilt (2.0.10)

PLATFORMS
  ruby

DEPENDENCIES
  kramdown
  liquid
  puma (>= 4.3.3)
  rack (>= 2.0.8)
  sinatra!

RUBY VERSION
   ruby 2.6.5p114

BUNDLED WITH
   1.17.2
