GIT
  remote: git://github.com/sinatra/sinatra.git
  revision: a4dd24add24f2dd0e7299b9e68e12038138294d3
  specs:
    rack-protection (2.0.8.1)
      rack
    sinatra (2.0.8.1)
      mustermann (~> 1.0)
      rack (~> 2.0)
      rack-protection (= 2.0.8.1)
      tilt (~> 2.0)

GEM
  remote: https://rubygems.org/
  specs:
    kramdown (2.1.0)
    liquid (4.0.3)
    mustermann (1.1.1)
      ruby2_keywords (~> 0.0.1)
    nio4r (2.5.2)
    puma (4.3.3)
      nio4r (~> 2.0)
    rack (2.2.1)
    ruby2_keywords (0.0.2)
    tilt (2.0.10)

PLATFORMS
  ruby

DEPENDENCIES
  kramdown
  liquid
  puma (>= 3.12.2)
  rack (>= 2.0.8)
  sinatra!

BUNDLED WITH
   1.17.2
