GIT
  remote: git://github.com/sinatra/sinatra.git
  revision: 177392f44bb84ff69799a98d5d006bdb7286c12e
  specs:
    rack-protection (2.1.0)
      rack
    sinatra (2.1.0)
      mustermann (~> 1.0)
      rack (~> 2.2)
      rack-protection (= 2.1.0)
      tilt (~> 2.0)

GEM
  remote: https://rubygems.org/
  specs:
    kramdown (2.3.0)
      rexml
    liquid (4.0.3)
    mustermann (1.1.1)
      ruby2_keywords (~> 0.0.1)
    nio4r (2.5.4)
    puma (5.0.2)
      nio4r (~> 2.0)
    rack (2.2.3)
    rexml (3.2.4)
    ruby2_keywords (0.0.2)
    tilt (2.0.10)

PLATFORMS
  ruby

DEPENDENCIES
  kramdown
  liquid
  puma (>= 4.3.3)
  rack (>= 2.2.3)
  sinatra!

RUBY VERSION
   ruby 2.7.1p83

BUNDLED WITH
   1.17.2
