GIT
  remote: git://github.com/sinatra/sinatra.git
  revision: 7a5c499f0e6099137fd1cb4ee20178af2a125d47
  specs:
    rack-protection (2.0.5)
      rack
    sinatra (2.0.5)
      mustermann (~> 1.0)
      rack (~> 2.0)
      rack-protection (= 2.0.5)
      tilt (~> 2.0)

GEM
  remote: https://rubygems.org/
  specs:
    kramdown (1.17.0)
    liquid (4.0.1)
    mustermann (1.0.3)
    nio4r (2.5.2)
    puma (4.3.1)
      nio4r (~> 2.0)
    rack (2.2.1)
    tilt (2.0.9)

PLATFORMS
  ruby

DEPENDENCIES
  kramdown
  liquid
  puma (>= 3.12.2)
  rack (>= 2.0.8)
  sinatra!

BUNDLED WITH
   1.17.2
